GEM
  remote: https://rubygems.org/
  specs:
    json (1.8.3)
    rack (1.6.0)
    rack-protection (1.5.3)
      rack
    sinatra (1.4.5)
      rack (~> 1.4)
      rack-protection (~> 1.4)
      tilt (~> 1.3, >= 1.3.4)
    tilt (1.4.1)

PLATFORMS
  x64-mingw32

DEPENDENCIES
  json
  sinatra (>= 1.4.5)

BUNDLED WITH
   1.10.6
